PATH
  remote: .
  specs:
    bizarro (0.0.1)
      chunky_png
      rspec

GEM
  remote: http://rubygems.org/
  specs:
    chunky_png (1.3.1)
    diff-lcs (1.2.5)
    rspec (2.14.1)
      rspec-core (~> 2.14.0)
      rspec-expectations (~> 2.14.0)
      rspec-mocks (~> 2.14.0)
    rspec-core (2.14.8)
    rspec-expectations (2.14.5)
      diff-lcs (>= 1.1.3, < 2.0)
    rspec-mocks (2.14.6)

PLATFORMS
  ruby

DEPENDENCIES
  bizarro!
